GEM
  remote: http://rubygems.org/
  specs:
    mime-types (1.18)
    rack (1.4.1)

PLATFORMS
  ruby

DEPENDENCIES
  mime-types
  rack
